GEM
  remote: https://rubygems.org/
  specs:
    ffi (1.12.2)
    listen (3.2.1)
      rb-fsevent (~> 0.10, >= 0.10.3)
      rb-inotify (~> 0.9, >= 0.9.10)
    minitest (5.14.0)
    nio4r (2.5.2)
    oj (3.10.6)
    ougai (1.8.4)
      oj (~> 3.10)
    puma (4.3.5)
      nio4r (~> 2.0)
    rack (2.2.2)
    rack-request-id (0.0.4)
    rake (13.0.1)
    rb-fsevent (0.10.3)
    rb-inotify (0.10.1)
      ffi (~> 1.0)
    rerun (0.13.0)
      listen (~> 3.0)
    roda (3.31.0)
      rack

PLATFORMS
  ruby

DEPENDENCIES
  minitest (~> 5.14)
  ougai (~> 1.8)
  puma (~> 4.3)
  rack-request-id (~> 0.0.4)
  rake (~> 13.0)
  rb-fsevent (~> 0.10.3)
  rerun (~> 0.13.0)
  roda (~> 3.31)

BUNDLED WITH
   1.17.2
