GEM
  remote: https://rubygems.org/
  specs:
    ast (2.4.2)
    ffi (1.15.5)
    json (2.6.2)
    listen (3.7.1)
      rb-fsevent (~> 0.10, >= 0.10.3)
      rb-inotify (~> 0.9, >= 0.9.10)
    minitest (5.16.3)
    nio4r (2.5.8)
    oj (3.13.23)
    ougai (2.0.0)
      oj (~> 3.10)
    parallel (1.22.1)
    parser (3.1.2.1)
      ast (~> 2.4.1)
    puma (5.6.5)
      nio4r (~> 2.0)
    rack (2.2.4)
    rack-app (7.7.0)
      rack
    rainbow (3.1.1)
    rb-fsevent (0.10.4)
    rb-inotify (0.10.1)
      ffi (~> 1.0)
    regexp_parser (2.6.1)
    rerun (0.13.1)
      listen (~> 3.0)
    rexml (3.2.5)
    roda (3.62.0)
      rack
    rubocop (1.39.0)
      json (~> 2.3)
      parallel (~> 1.10)
      parser (>= 3.1.2.1)
      rainbow (>= 2.2.2, < 4.0)
      regexp_parser (>= 1.8, < 3.0)
      rexml (>= 3.2.5, < 4.0)
      rubocop-ast (>= 1.23.0, < 2.0)
      ruby-progressbar (~> 1.7)
      unicode-display_width (>= 1.4.0, < 3.0)
    rubocop-ast (1.23.0)
      parser (>= 3.1.1.0)
    ruby-progressbar (1.11.0)
    unicode-display_width (2.3.0)

PLATFORMS
  ruby

DEPENDENCIES
  minitest (~> 5.14)
  ougai (~> 2.0)
  puma (~> 5.3)
  rack (~> 2.2)
  rack-app (~> 7.7)
  rb-fsevent (~> 0.10.3)
  rerun (~> 0.13.0)
  roda (~> 3.62)
  rubocop (~> 1.18)

BUNDLED WITH
   1.17.2
