GEM
  remote: https://rubygems.org/
  specs:
    ast (2.4.1)
    ffi (1.12.2)
    listen (3.2.1)
      rb-fsevent (~> 0.10, >= 0.10.3)
      rb-inotify (~> 0.9, >= 0.9.10)
    minitest (5.14.0)
    nio4r (2.5.2)
    oj (3.10.6)
    ougai (1.8.4)
      oj (~> 3.10)
    parallel (1.19.2)
    parser (2.7.1.4)
      ast (~> 2.4.1)
    puma (4.3.5)
      nio4r (~> 2.0)
    rack (2.2.2)
    rack-request-id (0.0.4)
    rainbow (3.0.0)
    rake (13.0.1)
    rb-fsevent (0.10.3)
    rb-inotify (0.10.1)
      ffi (~> 1.0)
    regexp_parser (1.7.1)
    rerun (0.13.0)
      listen (~> 3.0)
    rexml (3.2.5)
    roda (3.31.0)
      rack
    rubocop (0.85.1)
      parallel (~> 1.10)
      parser (>= 2.7.0.1)
      rainbow (>= 2.2.2, < 4.0)
      regexp_parser (>= 1.7)
      rexml
      rubocop-ast (>= 0.0.3)
      ruby-progressbar (~> 1.7)
      unicode-display_width (>= 1.4.0, < 2.0)
    rubocop-ast (0.0.3)
      parser (>= 2.7.0.1)
    ruby-progressbar (1.10.1)
    unicode-display_width (1.7.0)

PLATFORMS
  ruby

DEPENDENCIES
  minitest (~> 5.14)
  ougai (~> 1.8)
  puma (~> 4.3.5)
  rack-request-id (~> 0.0.4)
  rake (~> 13.0)
  rb-fsevent (~> 0.10.3)
  rerun (~> 0.13.0)
  roda (~> 3.31)
  rubocop

BUNDLED WITH
   1.17.2
