GEM
  remote: https://rubygems.org/
  specs:
    ast (2.4.2)
    bigdecimal (3.1.7)
    ffi (1.16.3)
    json (2.7.2)
    language_server-protocol (3.17.0.3)
    listen (3.9.0)
      rb-fsevent (~> 0.10, >= 0.10.3)
      rb-inotify (~> 0.9, >= 0.9.10)
    minitest (5.25.1)
    nio4r (2.7.1)
    oj (3.16.3)
      bigdecimal (>= 3.0)
    ougai (2.0.0)
      oj (~> 3.10)
    parallel (1.25.1)
    parser (3.3.4.0)
      ast (~> 2.4.1)
      racc
    puma (6.4.2)
      nio4r (~> 2.0)
    racc (1.8.1)
    rack (3.1.7)
    rack-app (11.0.2)
      rack (>= 3.0.0)
      rackup
    rackup (2.1.0)
      rack (>= 3)
      webrick (~> 1.8)
    rainbow (3.1.1)
    rake (13.2.1)
    rb-fsevent (0.11.2)
    rb-inotify (0.10.1)
      ffi (~> 1.0)
    regexp_parser (2.9.2)
    rerun (0.14.0)
      listen (~> 3.0)
    rexml (3.3.6)
      strscan
    roda (3.83.0)
      rack
    rubocop (1.65.1)
      json (~> 2.3)
      language_server-protocol (>= 3.17.0)
      parallel (~> 1.10)
      parser (>= 3.3.0.2)
      rainbow (>= 2.2.2, < 4.0)
      regexp_parser (>= 2.4, < 3.0)
      rexml (>= 3.2.5, < 4.0)
      rubocop-ast (>= 1.31.1, < 2.0)
      ruby-progressbar (~> 1.7)
      unicode-display_width (>= 2.4.0, < 3.0)
    rubocop-ast (1.32.0)
      parser (>= 3.3.1.0)
    ruby-progressbar (1.13.0)
    strscan (3.1.0)
    unicode-display_width (2.5.0)
    webrick (1.8.1)

PLATFORMS
  arm64-darwin-23
  x86_64-linux

DEPENDENCIES
  minitest (~> 5.25)
  ougai (~> 2.0)
  puma (~> 6.4)
  rack (~> 3.1)
  rack-app (~> 11.0)
  rake (~> 13.2)
  rb-fsevent (~> 0.11.2)
  rerun (~> 0.14.0)
  roda (~> 3.83)
  rubocop (~> 1.65)

BUNDLED WITH
   2.5.7
