GEM
  remote: https://rubygems.org/
  specs:
    ast (2.4.2)
    ffi (1.15.5)
    json (2.7.1)
    language_server-protocol (3.17.0.3)
    listen (3.7.1)
      rb-fsevent (~> 0.10, >= 0.10.3)
      rb-inotify (~> 0.9, >= 0.9.10)
    minitest (5.16.3)
    nio4r (2.7.1)
    oj (3.13.23)
    ougai (2.0.0)
      oj (~> 3.10)
    parallel (1.24.0)
    parser (3.3.0.5)
      ast (~> 2.4.1)
      racc
    puma (6.4.2)
      nio4r (~> 2.0)
    racc (1.7.3)
    rack (2.2.4)
    rack-app (8.0.0)
      rack (<= 3.0.0)
      rackup
    rackup (1.0.0)
      rack (< 3)
      webrick
    rainbow (3.1.1)
    rb-fsevent (0.11.2)
    rb-inotify (0.10.1)
      ffi (~> 1.0)
    regexp_parser (2.9.0)
    rerun (0.13.1)
      listen (~> 3.0)
    rexml (3.2.6)
    roda (3.62.0)
      rack
    rubocop (1.62.1)
      json (~> 2.3)
      language_server-protocol (>= 3.17.0)
      parallel (~> 1.10)
      parser (>= 3.3.0.2)
      rainbow (>= 2.2.2, < 4.0)
      regexp_parser (>= 1.8, < 3.0)
      rexml (>= 3.2.5, < 4.0)
      rubocop-ast (>= 1.31.1, < 2.0)
      ruby-progressbar (~> 1.7)
      unicode-display_width (>= 2.4.0, < 3.0)
    rubocop-ast (1.31.2)
      parser (>= 3.3.0.4)
    ruby-progressbar (1.13.0)
    unicode-display_width (2.5.0)
    webrick (1.8.1)

PLATFORMS
  ruby

DEPENDENCIES
  minitest (~> 5.14)
  ougai (~> 2.0)
  puma (~> 6.4)
  rack (~> 2.2)
  rack-app (~> 8.0)
  rb-fsevent (~> 0.11.2)
  rerun (~> 0.13.0)
  roda (~> 3.62)
  rubocop (~> 1.62)

BUNDLED WITH
   1.17.2
