GEM
  remote: https://rubygems.org/
  specs:
    ast (2.4.3)
    bigdecimal (3.1.7)
    ffi (1.16.3)
    json (2.13.2)
    language_server-protocol (3.17.0.5)
    lint_roller (1.1.0)
    listen (3.9.0)
      rb-fsevent (~> 0.10, >= 0.10.3)
      rb-inotify (~> 0.9, >= 0.9.10)
    minitest (5.25.5)
    nio4r (2.7.4)
    oj (3.16.3)
      bigdecimal (>= 3.0)
    ougai (2.0.0)
      oj (~> 3.10)
    parallel (1.27.0)
    parser (3.3.9.0)
      ast (~> 2.4.1)
      racc
    prism (1.4.0)
    puma (6.6.0)
      nio4r (~> 2.0)
    racc (1.8.1)
    rack (3.1.16)
    rack-app (11.0.2)
      rack (>= 3.0.0)
      rackup
    rack-test (2.2.0)
      rack (>= 1.3)
    rackup (2.1.0)
      rack (>= 3)
      webrick (~> 1.8)
    rainbow (3.1.1)
    rake (13.3.0)
    rb-fsevent (0.11.2)
    rb-inotify (0.10.1)
      ffi (~> 1.0)
    regexp_parser (2.10.0)
    rerun (0.14.0)
      listen (~> 3.0)
    roda (3.94.0)
      rack
    rubocop (1.79.0)
      json (~> 2.3)
      language_server-protocol (~> 3.17.0.2)
      lint_roller (~> 1.1.0)
      parallel (~> 1.10)
      parser (>= 3.3.0.2)
      rainbow (>= 2.2.2, < 4.0)
      regexp_parser (>= 2.9.3, < 3.0)
      rubocop-ast (>= 1.46.0, < 2.0)
      ruby-progressbar (~> 1.7)
      tsort (>= 0.2.0)
      unicode-display_width (>= 2.4.0, < 4.0)
    rubocop-ast (1.46.0)
      parser (>= 3.3.7.2)
      prism (~> 1.4)
    ruby-progressbar (1.13.0)
    tsort (0.2.0)
    unicode-display_width (3.1.4)
      unicode-emoji (~> 4.0, >= 4.0.4)
    unicode-emoji (4.0.4)
    webrick (1.8.2)

PLATFORMS
  arm64-darwin-23
  arm64-darwin-24
  x86_64-linux

DEPENDENCIES
  minitest (~> 5.25)
  ougai (~> 2.0)
  puma (~> 6.6)
  rack (~> 3.1)
  rack-app (~> 11.0)
  rack-test (~> 2.1)
  rake (~> 13.3)
  rb-fsevent (~> 0.11.2)
  rerun (~> 0.14.0)
  roda (~> 3.94)
  rubocop (~> 1.79)

BUNDLED WITH
   2.5.7
